GEM
  remote: http://rubygems.org/
  specs:
    backports (2.2.0)
    crack (0.3.1)
    daemons (1.1.3)
    distribution (0.5.0)
    eventmachine (0.12.10)
    mime-types (1.18)
    monkey-lib (0.5.4)
      backports
    parka (0.8.0)
      crack (~> 0.3.0)
      psych (~> 1.2.1)
      rest-client (~> 1.6.7)
      thor (~> 0.14.6)
    psych (1.2.2)
    rack (1.2.2)
    rest-client (1.6.7)
      mime-types (>= 1.16)
    sinatra (1.2.6)
      rack (~> 1.1)
      tilt (>= 1.2.2, < 2.0)
    sinatra-sugar (0.5.1)
      monkey-lib (~> 0.5.0)
      sinatra (~> 1.0)
    thin (1.2.11)
      daemons (>= 1.0.9)
      eventmachine (>= 0.12.6)
      rack (>= 1.0.0)
    thor (0.14.6)
    tilt (1.3)

PLATFORMS
  ruby

DEPENDENCIES
  distribution
  parka
  sinatra
  sinatra-sugar
  thin
